STORAGE: NONE
STRATEGY: MIN
RESTRICTION: == netcoreapp2.1
NUGET
  remote: https://api.nuget.org/v3/index.json
    Microsoft.AspNet.WebApi.Client (5.2.4)
      Newtonsoft.Json (>= 10.0.1)
      Newtonsoft.Json.Bson (>= 1.0.1)
    Microsoft.AspNetCore.Authentication.Abstractions (2.1)
      Microsoft.AspNetCore.Http.Abstractions (>= 2.1)
      Microsoft.Extensions.Logging.Abstractions (>= 2.1)
      Microsoft.Extensions.Options (>= 2.1)
    Microsoft.AspNetCore.Authentication.Core (2.1)
      Microsoft.AspNetCore.Authentication.Abstractions (>= 2.1)
      Microsoft.AspNetCore.Http (>= 2.1)
      Microsoft.AspNetCore.Http.Extensions (>= 2.1)
    Microsoft.AspNetCore.Authorization (2.1)
      Microsoft.Extensions.Logging.Abstractions (>= 2.1)
      Microsoft.Extensions.Options (>= 2.1)
    Microsoft.AspNetCore.Authorization.Policy (2.1)
      Microsoft.AspNetCore.Authentication.Abstractions (>= 2.1)
      Microsoft.AspNetCore.Authorization (>= 2.1)
    Microsoft.AspNetCore.Hosting.Abstractions (2.1)
      Microsoft.AspNetCore.Hosting.Server.Abstractions (>= 2.1)
      Microsoft.AspNetCore.Http.Abstractions (>= 2.1)
      Microsoft.Extensions.Hosting.Abstractions (>= 2.1)
    Microsoft.AspNetCore.Hosting.Server.Abstractions (2.1)
      Microsoft.AspNetCore.Http.Features (>= 2.1)
      Microsoft.Extensions.Configuration.Abstractions (>= 2.1)
    Microsoft.AspNetCore.Http (2.1)
      Microsoft.AspNetCore.Http.Abstractions (>= 2.1)
      Microsoft.AspNetCore.WebUtilities (>= 2.1)
      Microsoft.Extensions.ObjectPool (>= 2.1)
      Microsoft.Extensions.Options (>= 2.1)
      Microsoft.Net.Http.Headers (>= 2.1)
    Microsoft.AspNetCore.Http.Abstractions (2.1)
      Microsoft.AspNetCore.Http.Features (>= 2.1)
      System.Text.Encodings.Web (>= 4.5)
    Microsoft.AspNetCore.Http.Extensions (2.1)
      Microsoft.AspNetCore.Http.Abstractions (>= 2.1)
      Microsoft.Extensions.FileProviders.Abstractions (>= 2.1)
      Microsoft.Net.Http.Headers (>= 2.1)
      System.Buffers (>= 4.5)
    Microsoft.AspNetCore.Http.Features (2.1)
      Microsoft.Extensions.Primitives (>= 2.1)
    Microsoft.AspNetCore.JsonPatch (2.1)
      Microsoft.CSharp (>= 4.5)
      Newtonsoft.Json (>= 11.0.2)
    Microsoft.AspNetCore.Mvc.Abstractions (2.1)
      Microsoft.AspNetCore.Routing.Abstractions (>= 2.1)
      Microsoft.Net.Http.Headers (>= 2.1)
    Microsoft.AspNetCore.Mvc.Core (2.1)
      Microsoft.AspNetCore.Authentication.Core (>= 2.1)
      Microsoft.AspNetCore.Authorization.Policy (>= 2.1)
      Microsoft.AspNetCore.Hosting.Abstractions (>= 2.1)
      Microsoft.AspNetCore.Http (>= 2.1)
      Microsoft.AspNetCore.Http.Extensions (>= 2.1)
      Microsoft.AspNetCore.Mvc.Abstractions (>= 2.1)
      Microsoft.AspNetCore.ResponseCaching.Abstractions (>= 2.1)
      Microsoft.AspNetCore.Routing (>= 2.1)
      Microsoft.Extensions.DependencyInjection (>= 2.1)
      Microsoft.Extensions.DependencyModel (>= 2.1)
      Microsoft.Extensions.FileProviders.Abstractions (>= 2.1)
      Microsoft.Extensions.Logging.Abstractions (>= 2.1)
      System.Diagnostics.DiagnosticSource (>= 4.5)
      System.Threading.Tasks.Extensions (>= 4.5)
    Microsoft.AspNetCore.Mvc.Formatters.Json (2.1)
      Microsoft.AspNetCore.JsonPatch (>= 2.1)
      Microsoft.AspNetCore.Mvc.Core (>= 2.1)
    Microsoft.AspNetCore.Mvc.WebApiCompatShim (2.1)
      Microsoft.AspNet.WebApi.Client (>= 5.2.4)
      Microsoft.AspNetCore.Mvc.Core (>= 2.1)
      Microsoft.AspNetCore.Mvc.Formatters.Json (>= 2.1)
      Microsoft.AspNetCore.WebUtilities (>= 2.1)
    Microsoft.AspNetCore.ResponseCaching.Abstractions (2.1)
      Microsoft.Extensions.Primitives (>= 2.1)
    Microsoft.AspNetCore.Routing (2.1)
      Microsoft.AspNetCore.Http.Extensions (>= 2.1)
      Microsoft.AspNetCore.Routing.Abstractions (>= 2.1)
      Microsoft.Extensions.Logging.Abstractions (>= 2.1)
      Microsoft.Extensions.ObjectPool (>= 2.1)
      Microsoft.Extensions.Options (>= 2.1)
    Microsoft.AspNetCore.Routing.Abstractions (2.1)
      Microsoft.AspNetCore.Http.Abstractions (>= 2.1)
    Microsoft.AspNetCore.WebUtilities (2.1)
      Microsoft.Net.Http.Headers (>= 2.1)
      System.Text.Encodings.Web (>= 4.5)
    Microsoft.Azure.WebJobs (3.0)
      Microsoft.Azure.WebJobs.Core (>= 3.0)
      Microsoft.Extensions.Configuration (>= 2.1)
      Microsoft.Extensions.Configuration.Abstractions (>= 2.1)
      Microsoft.Extensions.Configuration.EnvironmentVariables (>= 2.1)
      Microsoft.Extensions.Configuration.Json (>= 2.1)
      Microsoft.Extensions.Hosting (>= 2.1)
      Microsoft.Extensions.Logging (>= 2.1)
      Microsoft.Extensions.Logging.Abstractions (>= 2.1)
      Microsoft.Extensions.Logging.Configuration (>= 2.1)
      Newtonsoft.Json (>= 11.0.2)
      System.Threading.Tasks.Dataflow (>= 4.8)
    Microsoft.Azure.WebJobs.Core (3.0)
      System.ComponentModel.Annotations (>= 4.4)
      System.Diagnostics.TraceSource (>= 4.3)
    Microsoft.Azure.WebJobs.Extensions (3.0)
      Microsoft.Azure.WebJobs (>= 3.0)
      Microsoft.Azure.WebJobs.Host.Storage (>= 3.0)
      ncrontab.signed (>= 3.3)
    Microsoft.Azure.WebJobs.Extensions.Http (3.0)
      Microsoft.AspNet.WebApi.Client (>= 5.2.4)
      Microsoft.AspNetCore.Http (>= 2.1)
      Microsoft.AspNetCore.Mvc.Formatters.Json (>= 2.1)
      Microsoft.AspNetCore.Mvc.WebApiCompatShim (>= 2.1)
      Microsoft.AspNetCore.Routing (>= 2.1)
      Microsoft.Azure.WebJobs (>= 3.0)
    Microsoft.Azure.WebJobs.Host.Storage (3.0)
      Microsoft.Azure.WebJobs (>= 3.0)
      WindowsAzure.Storage (>= 9.3.1)
    Microsoft.Azure.WebJobs.Script.ExtensionsMetadataGenerator (1.0.1)
      Microsoft.Build.Framework (>= 15.3.409)
      Microsoft.Build.Utilities.Core (>= 15.3.409)
      System.Runtime.Loader (>= 4.3)
    Microsoft.Build.Framework (15.3.409)
      System.Collections (>= 4.0.11)
      System.Diagnostics.Debug (>= 4.0.11)
      System.Globalization (>= 4.0.11)
      System.Linq (>= 4.1)
      System.Resources.ResourceManager (>= 4.0.1)
      System.Runtime (>= 4.1)
      System.Runtime.InteropServices (>= 4.1)
      System.Threading (>= 4.0.11)
      System.Threading.Thread (>= 4.0)
    Microsoft.Build.Utilities.Core (15.3.409)
      Microsoft.Build.Framework (15.3.409)
      Microsoft.Win32.Primitives (>= 4.0.1)
      System.AppContext (>= 4.1)
      System.Collections (>= 4.0.11)
      System.Collections.Concurrent (>= 4.0.12)
      System.Collections.NonGeneric (>= 4.0.1)
      System.Console (>= 4.0)
      System.Diagnostics.Debug (>= 4.0.11)
      System.Diagnostics.Process (>= 4.1)
      System.Diagnostics.TraceSource (>= 4.0)
      System.Globalization (>= 4.0.11)
      System.IO (>= 4.1)
      System.IO.FileSystem (>= 4.0.1)
      System.IO.FileSystem.Primitives (>= 4.0.1)
      System.Linq (>= 4.1)
      System.ObjectModel (>= 4.0.12)
      System.Reflection (>= 4.1)
      System.Reflection.TypeExtensions (>= 4.1)
      System.Resources.Reader (>= 4.0)
      System.Resources.ResourceManager (>= 4.0.1)
      System.Runtime (>= 4.1)
      System.Runtime.Extensions (>= 4.1)
      System.Runtime.Handles (>= 4.0.1)
      System.Runtime.InteropServices (>= 4.1)
      System.Runtime.InteropServices.RuntimeInformation (>= 4.0)
      System.Runtime.Serialization.Primitives (>= 4.1.1)
      System.Runtime.Serialization.Xml (>= 4.1.1)
      System.Text.Encoding (>= 4.0.11)
      System.Text.Encoding.CodePages (>= 4.0.1)
      System.Text.RegularExpressions (>= 4.1)
      System.Threading (>= 4.0.11)
      System.Threading.Tasks (>= 4.0.11)
      System.Threading.Thread (>= 4.0)
      System.Threading.Timer (>= 4.0.1)
      System.Xml.ReaderWriter (>= 4.0.11)
      System.Xml.XmlDocument (>= 4.0.1)
    Microsoft.CSharp (4.5)
    Microsoft.DotNet.PlatformAbstractions (2.1)
      System.AppContext (>= 4.1)
      System.Collections (>= 4.0.11)
      System.IO (>= 4.1)
      System.IO.FileSystem (>= 4.0.1)
      System.Reflection.TypeExtensions (>= 4.1)
      System.Runtime.Extensions (>= 4.1)
      System.Runtime.InteropServices (>= 4.1)
      System.Runtime.InteropServices.RuntimeInformation (>= 4.0)
    Microsoft.Extensions.Configuration (2.1)
      Microsoft.Extensions.Configuration.Abstractions (>= 2.1)
    Microsoft.Extensions.Configuration.Abstractions (2.1)
      Microsoft.Extensions.Primitives (>= 2.1)
    Microsoft.Extensions.Configuration.Binder (2.1)
      Microsoft.Extensions.Configuration (>= 2.1)
    Microsoft.Extensions.Configuration.EnvironmentVariables (2.1)
      Microsoft.Extensions.Configuration (>= 2.1)
    Microsoft.Extensions.Configuration.FileExtensions (2.1)
      Microsoft.Extensions.Configuration (>= 2.1)
      Microsoft.Extensions.FileProviders.Physical (>= 2.1)
    Microsoft.Extensions.Configuration.Json (2.1)
      Microsoft.Extensions.Configuration (>= 2.1)
      Microsoft.Extensions.Configuration.FileExtensions (>= 2.1)
      Newtonsoft.Json (>= 11.0.2)
    Microsoft.Extensions.DependencyInjection (2.1)
      Microsoft.Extensions.DependencyInjection.Abstractions (>= 2.1)
    Microsoft.Extensions.DependencyInjection.Abstractions (2.1)
    Microsoft.Extensions.DependencyModel (2.1)
      Microsoft.DotNet.PlatformAbstractions (>= 2.1)
      Newtonsoft.Json (>= 9.0.1)
      System.Diagnostics.Debug (>= 4.0.11)
      System.Dynamic.Runtime (>= 4.0.11)
      System.Linq (>= 4.1)
    Microsoft.Extensions.FileProviders.Abstractions (2.1)
      Microsoft.Extensions.Primitives (>= 2.1)
    Microsoft.Extensions.FileProviders.Physical (2.1)
      Microsoft.Extensions.FileProviders.Abstractions (>= 2.1)
      Microsoft.Extensions.FileSystemGlobbing (>= 2.1)
    Microsoft.Extensions.FileSystemGlobbing (2.1)
    Microsoft.Extensions.Hosting (2.1)
      Microsoft.Extensions.Configuration (>= 2.1)
      Microsoft.Extensions.DependencyInjection (>= 2.1)
      Microsoft.Extensions.FileProviders.Physical (>= 2.1)
      Microsoft.Extensions.Hosting.Abstractions (>= 2.1)
      Microsoft.Extensions.Logging (>= 2.1)
    Microsoft.Extensions.Hosting.Abstractions (2.1)
      Microsoft.Extensions.Configuration.Abstractions (>= 2.1)
      Microsoft.Extensions.DependencyInjection.Abstractions (>= 2.1)
      Microsoft.Extensions.FileProviders.Abstractions (>= 2.1)
      Microsoft.Extensions.Logging.Abstractions (>= 2.1)
    Microsoft.Extensions.Logging (2.1)
      Microsoft.Extensions.Configuration.Binder (>= 2.1)
      Microsoft.Extensions.DependencyInjection.Abstractions (>= 2.1)
      Microsoft.Extensions.Logging.Abstractions (>= 2.1)
      Microsoft.Extensions.Options (>= 2.1)
    Microsoft.Extensions.Logging.Abstractions (2.1)
    Microsoft.Extensions.Logging.Configuration (2.1)
      Microsoft.Extensions.Logging (>= 2.1)
      Microsoft.Extensions.Options.ConfigurationExtensions (>= 2.1)
    Microsoft.Extensions.ObjectPool (2.1)
    Microsoft.Extensions.Options (2.1)
      Microsoft.Extensions.DependencyInjection.Abstractions (>= 2.1)
      Microsoft.Extensions.Primitives (>= 2.1)
    Microsoft.Extensions.Options.ConfigurationExtensions (2.1)
      Microsoft.Extensions.Configuration.Abstractions (>= 2.1)
      Microsoft.Extensions.Configuration.Binder (>= 2.1)
      Microsoft.Extensions.DependencyInjection.Abstractions (>= 2.1)
      Microsoft.Extensions.Options (>= 2.1)
    Microsoft.Extensions.Primitives (2.1)
      System.Memory (>= 4.5)
      System.Runtime.CompilerServices.Unsafe (>= 4.5)
    Microsoft.Net.Http.Headers (2.1)
      Microsoft.Extensions.Primitives (>= 2.1)
      System.Buffers (>= 4.5)
    Microsoft.NET.Sdk.Functions (1.0.24)
      Microsoft.Azure.WebJobs (>= 3.0 < 3.1)
      Microsoft.Azure.WebJobs.Extensions (>= 3.0 < 3.1)
      Microsoft.Azure.WebJobs.Extensions.Http (>= 3.0 < 3.1)
      Microsoft.Azure.WebJobs.Script.ExtensionsMetadataGenerator (>= 1.0.1)
      Newtonsoft.Json (11.0.2)
    Microsoft.NETCore.Platforms (1.1)
    Microsoft.NETCore.Targets (1.1)
    Microsoft.Win32.Primitives (4.0.1)
      Microsoft.NETCore.Platforms (>= 1.0.1)
      Microsoft.NETCore.Targets (>= 1.0.1)
      System.Runtime (>= 4.1)
    Microsoft.Win32.Registry (4.0)
      Microsoft.NETCore.Platforms (>= 1.0.1)
      System.Collections (>= 4.0.11)
      System.Globalization (>= 4.0.11)
      System.Resources.ResourceManager (>= 4.0.1)
      System.Runtime (>= 4.1)
      System.Runtime.Extensions (>= 4.1)
      System.Runtime.Handles (>= 4.0.1)
      System.Runtime.InteropServices (>= 4.1)
    ncrontab.signed (3.3)
      System.Collections (>= 4.0.11)
      System.Diagnostics.Debug (>= 4.0.11)
      System.Globalization (>= 4.0.11)
      System.IO (>= 4.1)
      System.Net.Primitives (>= 4.0.11)
      System.Resources.ResourceManager (>= 4.0.1)
    NETStandard.Library (2.0)
      Microsoft.NETCore.Platforms (>= 1.1)
    Newtonsoft.Json (11.0.2)
    Newtonsoft.Json.Bson (1.0.1)
      NETStandard.Library (>= 1.6.1)
      Newtonsoft.Json (>= 10.0.1)
    runtime.native.System (4.3)
      Microsoft.NETCore.Platforms (>= 1.1)
      Microsoft.NETCore.Targets (>= 1.1)
    System.AppContext (4.1)
      System.Runtime (>= 4.1)
    System.Buffers (4.5)
    System.Collections (4.3)
      Microsoft.NETCore.Platforms (>= 1.1)
      Microsoft.NETCore.Targets (>= 1.1)
      System.Runtime (>= 4.3)
    System.Collections.Concurrent (4.0.12)
      System.Collections (>= 4.0.11)
      System.Diagnostics.Debug (>= 4.0.11)
      System.Diagnostics.Tracing (>= 4.1)
      System.Globalization (>= 4.0.11)
      System.Reflection (>= 4.1)
      System.Resources.ResourceManager (>= 4.0.1)
      System.Runtime (>= 4.1)
      System.Runtime.Extensions (>= 4.1)
      System.Threading (>= 4.0.11)
      System.Threading.Tasks (>= 4.0.11)
    System.Collections.NonGeneric (4.0.1)
      System.Diagnostics.Debug (>= 4.0.11)
      System.Globalization (>= 4.0.11)
      System.Resources.ResourceManager (>= 4.0.1)
      System.Runtime (>= 4.1)
      System.Runtime.Extensions (>= 4.1)
      System.Threading (>= 4.0.11)
    System.ComponentModel.Annotations (4.4)
    System.Console (4.0)
      Microsoft.NETCore.Platforms (>= 1.0.1)
      Microsoft.NETCore.Targets (>= 1.0.1)
      System.IO (>= 4.1)
      System.Runtime (>= 4.1)
      System.Text.Encoding (>= 4.0.11)
    System.Diagnostics.Debug (4.3)
      Microsoft.NETCore.Platforms (>= 1.1)
      Microsoft.NETCore.Targets (>= 1.1)
      System.Runtime (>= 4.3)
    System.Diagnostics.DiagnosticSource (4.5)
    System.Diagnostics.Process (4.1)
      Microsoft.NETCore.Platforms (>= 1.0.1)
      Microsoft.Win32.Primitives (>= 4.0.1)
      Microsoft.Win32.Registry (>= 4.0)
      runtime.native.System (>= 4.0)
      System.Collections (>= 4.0.11)
      System.Diagnostics.Debug (>= 4.0.11)
      System.Globalization (>= 4.0.11)
      System.IO (>= 4.1)
      System.IO.FileSystem (>= 4.0.1)
      System.IO.FileSystem.Primitives (>= 4.0.1)
      System.Resources.ResourceManager (>= 4.0.1)
      System.Runtime (>= 4.1)
      System.Runtime.Extensions (>= 4.1)
      System.Runtime.Handles (>= 4.0.1)
      System.Runtime.InteropServices (>= 4.1)
      System.Text.Encoding (>= 4.0.11)
      System.Text.Encoding.Extensions (>= 4.0.11)
      System.Threading (>= 4.0.11)
      System.Threading.Tasks (>= 4.0.11)
      System.Threading.Thread (>= 4.0)
      System.Threading.ThreadPool (>= 4.0.10)
    System.Diagnostics.TraceSource (4.3)
      Microsoft.NETCore.Platforms (>= 1.1)
      runtime.native.System (>= 4.3)
      System.Collections (>= 4.3)
      System.Diagnostics.Debug (>= 4.3)
      System.Globalization (>= 4.3)
      System.Resources.ResourceManager (>= 4.3)
      System.Runtime (>= 4.3)
      System.Runtime.Extensions (>= 4.3)
      System.Threading (>= 4.3)
    System.Diagnostics.Tracing (4.1)
      Microsoft.NETCore.Platforms (>= 1.0.1)
      Microsoft.NETCore.Targets (>= 1.0.1)
      System.Runtime (>= 4.1)
    System.Dynamic.Runtime (4.0.11)
      System.Collections (>= 4.0.11)
      System.Diagnostics.Debug (>= 4.0.11)
      System.Globalization (>= 4.0.11)
      System.Linq (>= 4.1)
      System.Linq.Expressions (>= 4.1)
      System.ObjectModel (>= 4.0.12)
      System.Reflection (>= 4.1)
      System.Reflection.Emit (>= 4.0.1)
      System.Reflection.Emit.ILGeneration (>= 4.0.1)
      System.Reflection.Primitives (>= 4.0.1)
      System.Reflection.TypeExtensions (>= 4.1)
      System.Resources.ResourceManager (>= 4.0.1)
      System.Runtime (>= 4.1)
      System.Runtime.Extensions (>= 4.1)
      System.Threading (>= 4.0.11)
    System.Globalization (4.3)
      Microsoft.NETCore.Platforms (>= 1.1)
      Microsoft.NETCore.Targets (>= 1.1)
      System.Runtime (>= 4.3)
    System.IO (4.3)
      Microsoft.NETCore.Platforms (>= 1.1)
      Microsoft.NETCore.Targets (>= 1.1)
      System.Runtime (>= 4.3)
      System.Text.Encoding (>= 4.3)
      System.Threading.Tasks (>= 4.3)
    System.IO.FileSystem (4.0.1)
      Microsoft.NETCore.Platforms (>= 1.0.1)
      Microsoft.NETCore.Targets (>= 1.0.1)
      System.IO (>= 4.1)
      System.IO.FileSystem.Primitives (>= 4.0.1)
      System.Runtime (>= 4.1)
      System.Runtime.Handles (>= 4.0.1)
      System.Text.Encoding (>= 4.0.11)
      System.Threading.Tasks (>= 4.0.11)
    System.IO.FileSystem.Primitives (4.0.1)
      System.Runtime (>= 4.1)
    System.Linq (4.1)
      System.Collections (>= 4.0.11)
      System.Diagnostics.Debug (>= 4.0.11)
      System.Resources.ResourceManager (>= 4.0.1)
      System.Runtime (>= 4.1)
      System.Runtime.Extensions (>= 4.1)
    System.Linq.Expressions (4.1)
      System.Collections (>= 4.0.11)
      System.Diagnostics.Debug (>= 4.0.11)
      System.Globalization (>= 4.0.11)
      System.IO (>= 4.1)
      System.Linq (>= 4.1)
      System.ObjectModel (>= 4.0.12)
      System.Reflection (>= 4.1)
      System.Reflection.Emit (>= 4.0.1)
      System.Reflection.Emit.ILGeneration (>= 4.0.1)
      System.Reflection.Emit.Lightweight (>= 4.0.1)
      System.Reflection.Extensions (>= 4.0.1)
      System.Reflection.Primitives (>= 4.0.1)
      System.Reflection.TypeExtensions (>= 4.1)
      System.Resources.ResourceManager (>= 4.0.1)
      System.Runtime (>= 4.1)
      System.Runtime.Extensions (>= 4.1)
      System.Threading (>= 4.0.11)
    System.Memory (4.5)
    System.Net.Primitives (4.0.11)
      Microsoft.NETCore.Platforms (>= 1.0.1)
      Microsoft.NETCore.Targets (>= 1.0.1)
      System.Runtime (>= 4.1)
      System.Runtime.Handles (>= 4.0.1)
    System.ObjectModel (4.0.12)
      System.Collections (>= 4.0.11)
      System.Diagnostics.Debug (>= 4.0.11)
      System.Resources.ResourceManager (>= 4.0.1)
      System.Runtime (>= 4.1)
      System.Threading (>= 4.0.11)
    System.Private.DataContractSerialization (4.1.1)
      System.Collections (>= 4.0.11)
      System.Collections.Concurrent (>= 4.0.12)
      System.Diagnostics.Debug (>= 4.0.11)
      System.Globalization (>= 4.0.11)
      System.IO (>= 4.1)
      System.Linq (>= 4.1)
      System.Reflection (>= 4.1)
      System.Reflection.Emit.ILGeneration (>= 4.0.1)
      System.Reflection.Emit.Lightweight (>= 4.0.1)
      System.Reflection.Extensions (>= 4.0.1)
      System.Reflection.Primitives (>= 4.0.1)
      System.Reflection.TypeExtensions (>= 4.1)
      System.Resources.ResourceManager (>= 4.0.1)
      System.Runtime (>= 4.1)
      System.Runtime.Extensions (>= 4.1)
      System.Runtime.Serialization.Primitives (>= 4.1.1)
      System.Text.Encoding (>= 4.0.11)
      System.Text.Encoding.Extensions (>= 4.0.11)
      System.Text.RegularExpressions (>= 4.1)
      System.Threading (>= 4.0.11)
      System.Threading.Tasks (>= 4.0.11)
      System.Xml.ReaderWriter (>= 4.0.11)
      System.Xml.XmlDocument (>= 4.0.1)
      System.Xml.XmlSerializer (>= 4.0.11)
    System.Reflection (4.3)
      Microsoft.NETCore.Platforms (>= 1.1)
      Microsoft.NETCore.Targets (>= 1.1)
      System.IO (>= 4.3)
      System.Reflection.Primitives (>= 4.3)
      System.Runtime (>= 4.3)
    System.Reflection.Emit (4.0.1)
      System.IO (>= 4.1)
      System.Reflection (>= 4.1)
      System.Reflection.Emit.ILGeneration (>= 4.0.1)
      System.Reflection.Primitives (>= 4.0.1)
      System.Runtime (>= 4.1)
    System.Reflection.Emit.ILGeneration (4.0.1)
      System.Reflection (>= 4.1)
      System.Reflection.Primitives (>= 4.0.1)
      System.Runtime (>= 4.1)
    System.Reflection.Emit.Lightweight (4.0.1)
      System.Reflection (>= 4.1)
      System.Reflection.Emit.ILGeneration (>= 4.0.1)
      System.Reflection.Primitives (>= 4.0.1)
      System.Runtime (>= 4.1)
    System.Reflection.Extensions (4.0.1)
      Microsoft.NETCore.Platforms (>= 1.0.1)
      Microsoft.NETCore.Targets (>= 1.0.1)
      System.Reflection (>= 4.1)
      System.Runtime (>= 4.1)
    System.Reflection.Primitives (4.3)
      Microsoft.NETCore.Platforms (>= 1.1)
      Microsoft.NETCore.Targets (>= 1.1)
      System.Runtime (>= 4.3)
    System.Reflection.TypeExtensions (4.1)
      System.Reflection (>= 4.1)
      System.Runtime (>= 4.1)
    System.Resources.Reader (4.0)
      System.IO (>= 4.1)
      System.Resources.ResourceManager (>= 4.0.1)
      System.Runtime (>= 4.1)
      System.Text.Encoding (>= 4.0.11)
      System.Threading (>= 4.0.11)
    System.Resources.ResourceManager (4.3)
      Microsoft.NETCore.Platforms (>= 1.1)
      Microsoft.NETCore.Targets (>= 1.1)
      System.Globalization (>= 4.3)
      System.Reflection (>= 4.3)
      System.Runtime (>= 4.3)
    System.Runtime (4.3)
      Microsoft.NETCore.Platforms (>= 1.1)
      Microsoft.NETCore.Targets (>= 1.1)
    System.Runtime.CompilerServices.Unsafe (4.5)
    System.Runtime.Extensions (4.3)
      Microsoft.NETCore.Platforms (>= 1.1)
      Microsoft.NETCore.Targets (>= 1.1)
      System.Runtime (>= 4.3)
    System.Runtime.Handles (4.0.1)
      Microsoft.NETCore.Platforms (>= 1.0.1)
      Microsoft.NETCore.Targets (>= 1.0.1)
      System.Runtime (>= 4.1)
    System.Runtime.InteropServices (4.1)
      Microsoft.NETCore.Platforms (>= 1.0.1)
      Microsoft.NETCore.Targets (>= 1.0.1)
      System.Reflection (>= 4.1)
      System.Reflection.Primitives (>= 4.0.1)
      System.Runtime (>= 4.1)
      System.Runtime.Handles (>= 4.0.1)
    System.Runtime.InteropServices.RuntimeInformation (4.0)
      Microsoft.NETCore.Platforms (>= 1.0.1)
      runtime.native.System (>= 4.0)
      System.Reflection (>= 4.1)
      System.Resources.ResourceManager (>= 4.0.1)
      System.Runtime (>= 4.1)
      System.Runtime.InteropServices (>= 4.1)
      System.Threading (>= 4.0.11)
    System.Runtime.Loader (4.3)
      System.IO (>= 4.3)
      System.Reflection (>= 4.3)
      System.Runtime (>= 4.3)
    System.Runtime.Serialization.Primitives (4.1.1)
      System.Resources.ResourceManager (>= 4.0.1)
      System.Runtime (>= 4.1)
    System.Runtime.Serialization.Xml (4.1.1)
      System.IO (>= 4.1)
      System.Private.DataContractSerialization (>= 4.1.1)
      System.Runtime (>= 4.1)
      System.Runtime.Serialization.Primitives (>= 4.1.1)
      System.Text.Encoding (>= 4.0.11)
      System.Xml.ReaderWriter (>= 4.0.11)
    System.Text.Encoding (4.3)
      Microsoft.NETCore.Platforms (>= 1.1)
      Microsoft.NETCore.Targets (>= 1.1)
      System.Runtime (>= 4.3)
    System.Text.Encoding.CodePages (4.0.1)
      Microsoft.NETCore.Platforms (>= 1.0.1)
      System.Collections (>= 4.0.11)
      System.Globalization (>= 4.0.11)
      System.IO (>= 4.1)
      System.Reflection (>= 4.1)
      System.Resources.ResourceManager (>= 4.0.1)
      System.Runtime (>= 4.1)
      System.Runtime.Extensions (>= 4.1)
      System.Runtime.Handles (>= 4.0.1)
      System.Runtime.InteropServices (>= 4.1)
      System.Text.Encoding (>= 4.0.11)
      System.Threading (>= 4.0.11)
    System.Text.Encoding.Extensions (4.0.11)
      Microsoft.NETCore.Platforms (>= 1.0.1)
      Microsoft.NETCore.Targets (>= 1.0.1)
      System.Runtime (>= 4.1)
      System.Text.Encoding (>= 4.0.11)
    System.Text.Encodings.Web (4.5)
    System.Text.RegularExpressions (4.1)
      System.Collections (>= 4.0.11)
      System.Globalization (>= 4.0.11)
      System.Resources.ResourceManager (>= 4.0.1)
      System.Runtime (>= 4.1)
      System.Runtime.Extensions (>= 4.1)
      System.Threading (>= 4.0.11)
    System.Threading (4.3)
      System.Runtime (>= 4.3)
      System.Threading.Tasks (>= 4.3)
    System.Threading.Tasks (4.3)
      Microsoft.NETCore.Platforms (>= 1.1)
      Microsoft.NETCore.Targets (>= 1.1)
      System.Runtime (>= 4.3)
    System.Threading.Tasks.Dataflow (4.8)
    System.Threading.Tasks.Extensions (4.5)
    System.Threading.Thread (4.0)
      System.Runtime (>= 4.1)
    System.Threading.ThreadPool (4.0.10)
      System.Runtime (>= 4.1)
      System.Runtime.Handles (>= 4.0.1)
    System.Threading.Timer (4.0.1)
      Microsoft.NETCore.Platforms (>= 1.0.1)
      Microsoft.NETCore.Targets (>= 1.0.1)
      System.Runtime (>= 4.1)
    System.Xml.ReaderWriter (4.0.11)
      System.Collections (>= 4.0.11)
      System.Diagnostics.Debug (>= 4.0.11)
      System.Globalization (>= 4.0.11)
      System.IO (>= 4.1)
      System.IO.FileSystem (>= 4.0.1)
      System.IO.FileSystem.Primitives (>= 4.0.1)
      System.Resources.ResourceManager (>= 4.0.1)
      System.Runtime (>= 4.1)
      System.Runtime.Extensions (>= 4.1)
      System.Runtime.InteropServices (>= 4.1)
      System.Text.Encoding (>= 4.0.11)
      System.Text.Encoding.Extensions (>= 4.0.11)
      System.Text.RegularExpressions (>= 4.1)
      System.Threading.Tasks (>= 4.0.11)
      System.Threading.Tasks.Extensions (>= 4.0)
    System.Xml.XmlDocument (4.0.1)
      System.Collections (>= 4.0.11)
      System.Diagnostics.Debug (>= 4.0.11)
      System.Globalization (>= 4.0.11)
      System.IO (>= 4.1)
      System.Resources.ResourceManager (>= 4.0.1)
      System.Runtime (>= 4.1)
      System.Runtime.Extensions (>= 4.1)
      System.Text.Encoding (>= 4.0.11)
      System.Threading (>= 4.0.11)
      System.Xml.ReaderWriter (>= 4.0.11)
    System.Xml.XmlSerializer (4.0.11)
      System.Collections (>= 4.0.11)
      System.Globalization (>= 4.0.11)
      System.IO (>= 4.1)
      System.Linq (>= 4.1)
      System.Reflection (>= 4.1)
      System.Reflection.Emit (>= 4.0.1)
      System.Reflection.Emit.ILGeneration (>= 4.0.1)
      System.Reflection.Extensions (>= 4.0.1)
      System.Reflection.Primitives (>= 4.0.1)
      System.Reflection.TypeExtensions (>= 4.1)
      System.Resources.ResourceManager (>= 4.0.1)
      System.Runtime (>= 4.1)
      System.Runtime.Extensions (>= 4.1)
      System.Text.RegularExpressions (>= 4.1)
      System.Threading (>= 4.0.11)
      System.Xml.ReaderWriter (>= 4.0.11)
      System.Xml.XmlDocument (>= 4.0.1)
    WindowsAzure.Storage (9.3.1)
      NETStandard.Library (>= 1.6.1)
      Newtonsoft.Json (>= 10.0.2)
